GEM
  remote: http://rubygems.org/
  specs:
    builder (3.0.0)
    diff-lcs (1.1.3)
    ffi (1.0.11)
    guard (1.0.0)
      ffi (>= 0.5.0)
      thor (~> 0.14.6)
    guard-rspec (0.6.0)
      guard (>= 0.10.0)
    guard-spork (0.5.1)
      guard (>= 0.10.0)
      spork (>= 0.8.4)
    hpricot (0.8.6)
    parseconfig (0.5.2)
    route53 (0.2.1)
      builder
      hpricot
      ruby-hmac
    rspec (2.8.0)
      rspec-core (~> 2.8.0)
      rspec-expectations (~> 2.8.0)
      rspec-mocks (~> 2.8.0)
    rspec-core (2.8.0)
    rspec-expectations (2.8.0)
      diff-lcs (~> 1.1.2)
    rspec-mocks (2.8.0)
    ruby-hmac (0.4.0)
    spork (0.9.0.rc7)
    thor (0.14.6)

PLATFORMS
  ruby

DEPENDENCIES
  guard-rspec
  guard-spork
  parseconfig (~> 0.5.2)
  route53 (~> 0.2.1)
  rspec (= 2.8.0)
  spork (= 0.9.0.rc7)
